GEM
  remote: https://rubygems.org/
  specs:
    thrift (0.10.0.0)

PLATFORMS
  ruby

DEPENDENCIES
  thrift

BUNDLED WITH
   1.14.3
